GEM
  remote: http://rubygems.org/
  specs:
    albino (1.3.3)
      posix-spawn (>= 0.3.6)
    classifier (1.3.3)
      fast-stemmer (>= 1.0.0)
    directory_watcher (1.4.1)
    execjs (1.4.0)
      multi_json (~> 1.0)
    fast-stemmer (1.0.1)
    jekyll (0.11.0)
      albino (>= 1.3.2)
      classifier (>= 1.3.1)
      directory_watcher (>= 1.1.1)
      kramdown (>= 0.13.2)
      liquid (>= 1.9.0)
      maruku (>= 0.5.9)
    kramdown (0.14.0)
    liquid (2.2.2)
    maruku (0.6.1)
      syntax (>= 1.0.0)
    multi_json (1.3.7)
    posix-spawn (0.3.6)
    rpeg-multimarkdown (0.1.1)
    stylus (0.4.1)
      execjs
      stylus-source
    stylus-source (0.29.0)
    syntax (1.0.0)
    uglifier (1.2.1)
      execjs (>= 0.3.0)
      multi_json (>= 1.0.2)

PLATFORMS
  ruby

DEPENDENCIES
  jekyll (= 0.11.0)
  liquid (= 2.2.2)
  rpeg-multimarkdown (= 0.1.1)
  stylus (= 0.4.1)
  uglifier (= 1.2.1)
